GEM
  remote: https://rubygems.org/
  specs:
    azure_mgmt_network (0.11.0)
      ms_rest_azure (~> 0.8.0)
    azure_mgmt_resources (0.11.0)
      ms_rest_azure (~> 0.8.0)
    concurrent-ruby (1.0.5)
    diff-lcs (1.3)
    domain_name (0.5.20170404)
      unf (>= 0.0.5, < 1.0.0)
    dotenv (2.2.1)
    faraday (0.13.1)
      multipart-post (>= 1.2, < 3)
    faraday-cookie_jar (0.0.6)
      faraday (>= 0.7.4)
      http-cookie (~> 1.0.0)
    haikunator (1.1.0)
    http-cookie (1.0.3)
      domain_name (~> 0.5)
    ms_rest (0.7.1)
      concurrent-ruby (~> 1.0)
      faraday (~> 0.9)
      timeliness (~> 0.3)
    ms_rest_azure (0.8.1)
      concurrent-ruby (~> 1.0)
      faraday (~> 0.9)
      faraday-cookie_jar (~> 0.0.6)
      ms_rest (~> 0.7.0)
    multipart-post (2.0.0)
    rake (12.0.0)
    rspec (3.6.0)
      rspec-core (~> 3.6.0)
      rspec-expectations (~> 3.6.0)
      rspec-mocks (~> 3.6.0)
    rspec-core (3.6.0)
      rspec-support (~> 3.6.0)
    rspec-expectations (3.6.0)
      diff-lcs (>= 1.2.0, < 2.0)
      rspec-support (~> 3.6.0)
    rspec-mocks (3.6.0)
      diff-lcs (>= 1.2.0, < 2.0)
      rspec-support (~> 3.6.0)
    rspec-support (3.6.0)
    timeliness (0.3.8)
    unf (0.1.4)
      unf_ext
    unf_ext (0.0.7.4)

PLATFORMS
  ruby

DEPENDENCIES
  azure_mgmt_network (~> 0.11.0)
  azure_mgmt_resources (~> 0.11.0)
  dotenv
  haikunator (~> 1.1)
  rake
  rspec

BUNDLED WITH
   1.15.4
